GEM
  remote: https://rubygems.org/
  specs:
    github-markdown (0.6.5)
    rake (10.3.2)

PLATFORMS
  ruby

DEPENDENCIES
  github-markdown
  rake
